GEM
  remote: https://rubygems.org/
  specs:
    byebug (9.0.6)
    daemons (1.2.4)
    eventmachine (1.2.0.1)
    json (1.8.3)
    rack (2.0.1)
    thin (1.7.0)
      daemons (~> 1.0, >= 1.0.9)
      eventmachine (~> 1.0, >= 1.0.4)
      rack (>= 1, < 3)

PLATFORMS
  ruby

DEPENDENCIES
  byebug
  daemons
  json
  thin

BUNDLED WITH
   1.13.6
